GEM
  remote: https://rubygems.org/
  specs:
    activesupport (3.2.8)
      i18n (~> 0.6)
      multi_json (~> 1.0)
    addressable (2.3.2)
    arrayfields (4.7.4)
    chronic (0.6.7)
    coderay (1.0.7)
    domain_name (0.5.4)
      unf (~> 0.0.3)
    eventmachine (0.12.10)
    faraday (0.7.6)
      addressable (~> 2.2)
      multipart-post (~> 1.1)
      rack (~> 1.1)
    faraday_middleware (0.7.0)
      faraday (~> 0.7.3)
    fattr (2.2.1)
    fukung (1.1.0)
      launchy
    google-search (1.0.3)
      json
    hashie (1.2.0)
    http_parser.rb (0.5.3)
    i18n (0.6.1)
    json (1.7.5)
    launchy (2.1.2)
      addressable (~> 2.3)
    main (4.7.7)
      arrayfields (~> 4.7.4)
      chronic (~> 0.6.2)
      fattr (~> 2.2.0)
      map (~> 4.3.0)
    map (4.3.0)
    mechanize (2.5.1)
      domain_name (~> 0.5, >= 0.5.1)
      mime-types (~> 1.17, >= 1.17.2)
      net-http-digest_auth (~> 1.1, >= 1.1.1)
      net-http-persistent (~> 2.5, >= 2.5.2)
      nokogiri (~> 1.4)
      ntlm-http (~> 0.1, >= 0.1.1)
      webrobots (~> 0.0, >= 0.0.9)
    method_source (0.8)
    mime-types (1.19)
    multi_json (1.3.6)
    multipart-post (1.1.5)
    net-http-digest_auth (1.2.1)
    net-http-persistent (2.7)
    nokogiri (1.5.5)
    ntlm-http (0.1.1)
    pry (0.9.10)
      coderay (~> 1.0.5)
      method_source (~> 0.8)
      slop (~> 3.3.1)
    rack (1.4.1)
    simple_oauth (0.1.9)
    slop (3.3.3)
    systemu (2.3.1)
    tinder (1.7.0)
      activesupport (>= 2.3, < 4)
      eventmachine (~> 0.12)
      faraday (>= 0.6, < 0.8)
      faraday_middleware (>= 0.6, < 0.8)
      hashie (~> 1.0)
      mime-types (~> 1.16)
      multi_json (~> 1.0)
      multipart-post (~> 1.1)
      twitter-stream (~> 0.1)
    twitter-stream (0.1.16)
      eventmachine (>= 0.12.8)
      http_parser.rb (~> 0.5.1)
      simple_oauth (~> 0.1.4)
    unf (0.0.5)
      unf_ext
    unf_ext (0.0.5)
    unidecode (1.0.0)
    webrobots (0.0.13)
    yajl-ruby (1.0.0)

PLATFORMS
  ruby

DEPENDENCIES
  fukung (~> 1.1.0)
  google-search (~> 1.0.2)
  main (~> 4.7.6)
  mechanize
  nokogiri (~> 1.5.0)
  pry
  systemu (~> 2.3.0)
  tinder (~> 1.7.0)
  unidecode (~> 1.0.0)
  yajl-ruby (~> 1.0.0)
